GIT
  remote: git://github.com/bmabey/email-spec.git
  revision: e197a167a3f89cba6848ba144e342537e1cf64ab
  branch: rails3
  specs:
    email_spec (0.6.2)

GIT
  remote: git://github.com/dima4p/russian.git
  revision: e2cb3aa75d24c269a4c5280128c36f43b2acc4b0
  specs:
    russian (0.2.8.pre2)

GIT
  remote: git://github.com/pavel-so/rails3-jquery-autocomplete.git
  revision: e13b249de09cfc319dc494fc4d6df5771191fdf1
  specs:
    rails3-jquery-autocomplete (0.7.5.1)
      rails (~> 3.0)
      yajl-ruby

GIT
  remote: https://github.com/kennon/responds_to_parent.git
  revision: ee8a8b08d8254ed1ffd98e55a65cb3ae63c621ad
  specs:
    responds_to_parent (1.0.20091013)

GIT
  remote: https://github.com/rails/exception_notification.git
  revision: 192a49a02d63d28b23ed41cebadfedd490929cf1
  specs:
    exception_notification (1.0.0)

PATH
  remote: vendor/gems/uservoice
  specs:
    uservoice (0.3.1)
      actionpack (>= 2.1)
      activesupport (>= 2.1)
      ezcrypto (>= 0.7.2)
      rails (>= 2.1)

PATH
  remote: vendor/gems/xml2xls-0.2.5
  specs:
    xml2xls (0.2.4)

GEM
  remote: http://rubygems.org/
  remote: http://gems.github.com/
  remote: http://gemcutter.org/
  specs:
    aasm (2.2.0)
    abstract (1.0.0)
    actionmailer (3.0.7)
      actionpack (= 3.0.7)
      mail (~> 2.2.15)
    actionpack (3.0.7)
      activemodel (= 3.0.7)
      activesupport (= 3.0.7)
      builder (~> 2.1.2)
      erubis (~> 2.6.6)
      i18n (~> 0.5.0)
      rack (~> 1.2.1)
      rack-mount (~> 0.6.14)
      rack-test (~> 0.5.7)
      tzinfo (~> 0.3.23)
    activemodel (3.0.7)
      activesupport (= 3.0.7)
      builder (~> 2.1.2)
      i18n (~> 0.5.0)
    activerecord (3.0.7)
      activemodel (= 3.0.7)
      activesupport (= 3.0.7)
      arel (~> 2.0.2)
      tzinfo (~> 0.3.23)
    activeresource (3.0.7)
      activemodel (= 3.0.7)
      activesupport (= 3.0.7)
    activesupport (3.0.7)
    annotate (2.4.0)
    arel (2.0.10)
    authlogic (3.0.3)
      activerecord (>= 3.0.7)
      activerecord (>= 3.0.7)
    builder (2.1.2)
    cancan (1.6.5)
    capybara (0.4.1.2)
      celerity (>= 0.7.9)
      culerity (>= 0.2.4)
      mime-types (>= 1.16)
      nokogiri (>= 1.3.3)
      rack (>= 1.0.0)
      rack-test (>= 0.5.4)
      xpath (~> 0.1.3)
    celerity (0.8.9)
    childprocess (0.1.9)
      ffi (~> 1.0.6)
    cucumber (1.0.1)
      builder (>= 2.1.2)
      diff-lcs (>= 1.1.2)
      gherkin (~> 2.4.5)
      json (>= 1.4.6)
      term-ansicolor (>= 1.0.5)
    cucumber-rails (0.3.2)
      cucumber (>= 0.8.0)
    culerity (0.2.15)
    database_cleaner (0.6.7)
    diff-lcs (1.1.2)
    dynamic_form (1.1.4)
    erubis (2.6.6)
      abstract (>= 1.0.0)
    ezcrypto (0.7.2)
    ffi (1.0.9)
    gherkin (2.4.5)
      json (>= 1.4.6)
    globalize3 (0.1.0)
      activemodel (>= 3.0.0)
      activerecord (>= 3.0.0)
    guard (0.5.1)
      thor (~> 0.14.6)
    guard-cucumber (0.5.2)
      cucumber (>= 0.10)
      guard (>= 0.4.0)
    guard-rspec (0.4.0)
      guard (>= 0.4.0)
    haml (3.1.2)
    headless (0.1.0)
    hirb (0.4.5)
    hpricot (0.8.4)
    i18n (0.5.0)
    jquery-rails (1.0.12)
      railties (~> 3.0)
      thor (~> 0.14)
    jrails (0.6.0)
    json (1.5.3)
    json_pure (1.5.3)
    libnotify (0.5.7)
    mail (2.2.19)
      activesupport (>= 2.3.6)
      i18n (>= 0.4.0)
      mime-types (~> 1.16)
      treetop (~> 1.4.8)
    mime-types (1.16)
    nested_set (1.6.7)
      activerecord (>= 3.0.0)
      railties (>= 3.0.0)
    nokogiri (1.5.0)
    parseexcel (0.5.2)
    pg (0.11.0)
    pickle (0.4.7)
      cucumber (>= 0.8)
      rake
    polyglot (0.3.1)
    rack (1.2.3)
    rack-mount (0.6.14)
      rack (>= 1.0.0)
    rack-test (0.5.7)
      rack (>= 1.0)
    rails (3.0.7)
      actionmailer (= 3.0.7)
      actionpack (= 3.0.7)
      activerecord (= 3.0.7)
      activeresource (= 3.0.7)
      activesupport (= 3.0.7)
      bundler (~> 1.0)
      railties (= 3.0.7)
    rails-erd (0.4.5)
      activerecord (~> 3.0)
      activesupport (~> 3.0)
      ruby-graphviz (~> 0.9.18)
    railties (3.0.7)
      actionpack (= 3.0.7)
      activesupport (= 3.0.7)
      rake (>= 0.8.7)
      thor (~> 0.14.4)
    rake (0.9.2)
    rb-inotify (0.8.5)
      ffi (>= 0.5.0)
    rmagick (2.13.1)
    rspec (2.6.0)
      rspec-core (~> 2.6.0)
      rspec-expectations (~> 2.6.0)
      rspec-mocks (~> 2.6.0)
    rspec-core (2.6.4)
    rspec-expectations (2.6.0)
      diff-lcs (~> 1.1.2)
    rspec-mocks (2.6.0)
    rspec-rails (2.6.1)
      actionpack (~> 3.0)
      activesupport (~> 3.0)
      railties (~> 3.0)
      rspec (~> 2.6.0)
    ruby-graphviz (0.9.21)
    ruby-xslt (0.9.8)
    ruby_parser (2.0.6)
      sexp_processor (~> 3.0)
    rubyzip (0.9.4)
    selenium-webdriver (0.2.2)
      childprocess (>= 0.1.9)
      ffi (>= 1.0.7)
      json_pure
      rubyzip
    sexp_processor (3.0.5)
    spork (0.8.5)
    term-ansicolor (1.0.5)
    test-unit (2.3.0)
    thor (0.14.6)
    thoughtbot-factory_girl (1.2.2)
    translations_sync (0.2.7)
      ya2yaml
    treetop (1.4.9)
      polyglot (>= 0.3.1)
    tzinfo (0.3.29)
    will_paginate (3.0.pre2)
    wirble (0.1.3)
    xpath (0.1.4)
      nokogiri (~> 1.3)
    ya2yaml (0.30)
    yajl-ruby (0.8.2)

PLATFORMS
  ruby

DEPENDENCIES
  aasm
  annotate
  authlogic (= 3.0.3)
  cancan
  capybara (= 0.4.1.2)
  cucumber
  cucumber-rails (= 0.3.2)
  database_cleaner
  dynamic_form
  email_spec!
  exception_notification!
  globalize3
  guard
  guard-cucumber
  guard-rspec
  haml
  headless
  hirb
  hpricot
  jquery-rails
  jrails
  libnotify
  nested_set
  parseexcel
  pg
  pickle
  rails (= 3.0.7)
  rails-erd
  rails3-jquery-autocomplete (= 0.7.5.1)!
  rb-inotify
  responds_to_parent!
  rmagick
  rspec-rails (~> 2.4)
  ruby-xslt
  ruby_parser
  rubyzip
  russian!
  selenium-webdriver (= 0.2.2)
  spork
  test-unit
  thoughtbot-factory_girl
  translations_sync
  uservoice!
  will_paginate (= 3.0.pre2)
  wirble
  xml2xls!
